PATH
  remote: .
  specs:
    textminer (0.0.1)
      api_cache (~> 0.2)
      bibtex-ruby (~> 4.0)
      cites (~> 0.1)
      httparty (~> 0.13)
      json (~> 1.8)
      launchy (~> 2.4, >= 2.4.2)
      moneta (~> 0.8)
      thor (~> 0.19)

GEM
  remote: https://rubygems.org/
  specs:
    addressable (2.3.8)
    api_cache (0.3.0)
    bibtex-ruby (4.0.14)
      latex-decode (~> 0.0)
    cites (0.1.2)
      api_cache (~> 0.2)
      bibtex-ruby (~> 4.0)
      httparty (~> 0.13)
      json (~> 1.8)
      launchy (~> 2.4, >= 2.4.2)
      moneta (~> 0.8)
      thor (~> 0.19)
    httparty (0.13.5)
      json (~> 1.8)
      multi_xml (>= 0.5.2)
    json (1.8.3)
    latex-decode (0.2.2)
      unicode (~> 0.4)
    launchy (2.4.3)
      addressable (~> 2.3)
    moneta (0.8.0)
    multi_xml (0.5.5)
    power_assert (0.2.4)
    rake (10.4.2)
    test-unit (3.1.3)
      power_assert
    thor (0.19.1)
    unicode (0.4.4.2)

PLATFORMS
  ruby

DEPENDENCIES
  bundler (~> 1.6)
  rake (~> 10.4)
  test-unit (~> 3.1)
  textminer!
