PATH
  remote: .
  specs:
    textminer (0.0.1)
      httparty (~> 0.13)
      json (~> 1.8)
      launchy (~> 2.4, >= 2.4.2)
      thor (~> 0.19)

GEM
  remote: https://rubygems.org/
  specs:
    addressable (2.3.8)
    ansi (1.5.0)
    ast (2.1.0)
    httparty (0.13.5)
      json (~> 1.8)
      multi_xml (>= 0.5.2)
    json (1.8.3)
    launchy (2.4.3)
      addressable (~> 2.3)
    multi_xml (0.5.5)
    oga (1.2.3)
      ast
      ruby-ll (~> 2.1)
    power_assert (0.2.4)
    rake (10.4.2)
    ruby-ll (2.1.2)
      ansi
      ast
    test-unit (3.1.3)
      power_assert
    thor (0.19.1)

PLATFORMS
  ruby

DEPENDENCIES
  bundler (~> 1.6)
  oga (~> 1.2)
  rake (~> 10.4)
  test-unit (~> 3.1)
  textminer!
