PATH
  remote: .
  specs:
    textminer (0.1.6)
      faraday (~> 0.12.0.1)
      faraday_middleware (~> 0.11.0.1)
      httparty (~> 0.15.6)
      launchy (~> 2.4, >= 2.4.3)
      multi_json (~> 1.12, >= 1.12.1)
      nokogiri (~> 1.8)
      pdf-reader (~> 2.0)
      serrano (~> 0.3.6)
      thor (~> 0.19.4)
      uuidtools (~> 2.1, >= 2.1.5)

GEM
  remote: https://rubygems.org/
  specs:
    Ascii85 (1.0.2)
    addressable (2.5.1)
      public_suffix (~> 2.0, >= 2.0.2)
    afm (0.2.2)
    ansi (1.5.0)
    ast (2.3.0)
    codecov (0.1.10)
      json
      simplecov
      url
    docile (1.1.5)
    faraday (0.12.0.1)
      multipart-post (>= 1.2, < 3)
    faraday_middleware (0.11.0.1)
      faraday (>= 0.7.4, < 1.0)
    hashery (2.1.2)
    httparty (0.15.6)
      multi_xml (>= 0.5.2)
    json (2.1.0)
    launchy (2.4.3)
      addressable (~> 2.3)
    mini_portile2 (2.2.0)
    multi_json (1.12.1)
    multi_xml (0.6.0)
    multipart-post (2.0.0)
    nokogiri (1.8.0)
      mini_portile2 (~> 2.2.0)
    oga (2.10)
      ast
      ruby-ll (~> 2.1)
    pdf-reader (2.0.0)
      Ascii85 (~> 1.0.0)
      afm (~> 0.2.1)
      hashery (~> 2.0)
      ruby-rc4
      ttfunk
    power_assert (1.0.2)
    public_suffix (2.0.5)
    rake (12.0.0)
    ruby-ll (2.1.2)
      ansi
      ast
    ruby-rc4 (0.1.5)
    serrano (0.3.6)
      faraday (~> 0.12.0.1)
      faraday_middleware (~> 0.11.0.1)
      multi_json (~> 1.12, >= 1.12.1)
      thor (~> 0.19.4)
    simplecov (0.15.0)
      docile (~> 1.1.0)
      json (>= 1.8, < 3)
      simplecov-html (~> 0.10.0)
    simplecov-html (0.10.2)
    test-unit (3.2.5)
      power_assert
    thor (0.19.4)
    ttfunk (1.5.1)
    url (0.3.2)
    uuidtools (2.1.5)

PLATFORMS
  ruby

DEPENDENCIES
  bundler (~> 1.15, >= 1.15.3)
  codecov (~> 0.1.10)
  oga (~> 2.10)
  rake (~> 12.0)
  simplecov (~> 0.15.0)
  test-unit (~> 3.2, >= 3.2.5)
  textminer!

BUNDLED WITH
   1.15.3
