PATH
  remote: .
  specs:
    textminer (0.1.2.900)
      httparty (~> 0.13)
      json (~> 1.8)
      launchy (~> 2.4, >= 2.4.2)
      pdf-reader (~> 1.3)
      serrano (~> 0)
      thor (~> 0.19)

GEM
  remote: https://rubygems.org/
  specs:
    Ascii85 (1.0.2)
    addressable (2.3.8)
    afm (0.2.2)
    ansi (1.5.0)
    ast (2.1.0)
    codecov (0.1.1)
      json
      simplecov
      url
    docile (1.1.5)
    faraday (0.9.1)
      multipart-post (>= 1.2, < 3)
    faraday_middleware (0.10.0)
      faraday (>= 0.7.4, < 0.10)
    hashery (2.1.1)
    httparty (0.13.7)
      json (~> 1.8)
      multi_xml (>= 0.5.2)
    json (1.8.3)
    launchy (2.4.3)
      addressable (~> 2.3)
    mini_portile (0.6.2)
    multi_json (1.11.2)
    multi_xml (0.5.5)
    multipart-post (2.0.0)
    nokogiri (1.6.6.2)
      mini_portile (~> 0.6.0)
    oga (1.2.3)
      ast
      ruby-ll (~> 2.1)
    pdf-reader (1.3.3)
      Ascii85 (~> 1.0.0)
      afm (~> 0.2.0)
      hashery (~> 2.0)
      ruby-rc4
      ttfunk
    power_assert (0.2.4)
    rake (10.4.2)
    ruby-ll (2.1.2)
      ansi
      ast
    ruby-rc4 (0.1.5)
    serrano (0.1.1)
      faraday (~> 0.9.1)
      faraday_middleware (~> 0.10.0)
      multi_json (~> 1.0)
      nokogiri (~> 1.6, >= 1.6.6.2)
      thor (~> 0.19)
      uuidtools (~> 2.1, >= 2.1.5)
    simplecov (0.10.0)
      docile (~> 1.1.0)
      json (~> 1.8)
      simplecov-html (~> 0.10.0)
    simplecov-html (0.10.0)
    test-unit (3.1.3)
      power_assert
    thor (0.19.1)
    ttfunk (1.4.0)
    url (0.3.2)
    uuidtools (2.1.5)

PLATFORMS
  ruby

DEPENDENCIES
  bundler (~> 1.6)
  codecov (~> 0.1)
  oga (~> 1.2)
  rake (~> 10.4)
  simplecov (~> 0.10)
  test-unit (~> 3.1)
  textminer!

BUNDLED WITH
   1.10.6
